GEM
  remote: https://rubygems.org/
  specs:
    ast (2.4.0)
    bson (4.5.0)
    daemons (1.3.1)
    eventmachine (1.2.7)
    httparty (0.17.0)
      mime-types (~> 3.0)
      multi_xml (>= 0.5.2)
    jaro_winkler (1.5.3)
    mime-types (3.2.2)
      mime-types-data (~> 3.2015)
    mime-types-data (3.2019.0331)
    mongo (2.10.0)
      bson (>= 4.4.2, < 5.0.0)
    multi_xml (0.6.0)
    mustermann (1.0.3)
    nio4r (2.4.0)
    parallel (1.17.0)
    parser (2.6.3.0)
      ast (~> 2.4.0)
    puma (4.1.0)
      nio4r (~> 2.0)
    rack (2.0.7)
    rack-contrib (2.1.0)
      rack (~> 2.0)
    rack-protection (2.0.5)
      rack
    rainbow (3.0.0)
    rake (12.3.3)
    rubocop (0.74.0)
      jaro_winkler (~> 1.5.1)
      parallel (~> 1.10)
      parser (>= 2.6)
      rainbow (>= 2.2.2, < 4.0)
      ruby-progressbar (~> 1.7)
      unicode-display_width (>= 1.4.0, < 1.7)
    ruby-progressbar (1.10.1)
    sinatra (2.0.5)
      mustermann (~> 1.0)
      rack (~> 2.0)
      rack-protection (= 2.0.5)
      tilt (~> 2.0)
    sinatra-cross_origin (0.3.2)
    thin (1.7.2)
      daemons (~> 1.0, >= 1.0.9)
      eventmachine (~> 1.0, >= 1.0.4)
      rack (>= 1, < 3)
    tilt (2.0.9)
    unicode-display_width (1.6.0)

PLATFORMS
  ruby

DEPENDENCIES
  httparty
  mongo (~> 2.1, >= 2.1.2)
  puma
  rack (>= 1.0)
  rack-contrib
  rake
  rubocop (~> 0.74.0)
  sinatra
  sinatra-cross_origin (~> 0.3.1)
  thin (~> 1.1)

BUNDLED WITH
   2.0.2
